GEM
  remote: https://rubygems.org/
  specs:
    backports (3.6.8)
    haml (4.0.7)
      tilt
    materialize-sass (0.98.0)
      sass (~> 3.3)
    multi_json (1.12.1)
    rack (1.6.4)
    rack-protection (1.5.3)
      rack
    rack-test (0.6.3)
      rack (>= 1.0)
    sass (3.4.23)
    sequel (4.27.0)
    sinatra (1.4.6)
      rack (~> 1.4)
      rack-protection (~> 1.4)
      tilt (>= 1.3, < 3)
    sinatra-contrib (1.4.7)
      backports (>= 2.0)
      multi_json
      rack-protection
      rack-test
      sinatra (~> 1.4.0)
      tilt (>= 1.3, < 3)
    sqlite3 (1.3.11)
    tilt (2.0.1)

PLATFORMS
  ruby

DEPENDENCIES
  haml
  materialize-sass
  sequel
  sinatra
  sinatra-contrib
  sqlite3

BUNDLED WITH
   1.14.3
